GEM
  specs:
    colorize (0.7.5)

PLATFORMS
  ruby

DEPENDENCIES
  colorize
